GIT
  remote: git://github.com/plataformatec/devise
  revision: 7c8f636b98810c21c339df484258c0b1446c0d43
  specs:
    devise (2.2.0.rc)
      bcrypt-ruby (~> 3.0)
      orm_adapter (~> 0.1)
      railties (~> 3.1)
      warden (~> 1.2.1)

GEM
  remote: http://rubygems.org/
  specs:
    actionpack (3.2.9)
      activemodel (= 3.2.9)
      activesupport (= 3.2.9)
      builder (~> 3.0.0)
      erubis (~> 2.7.0)
      journey (~> 1.0.4)
      rack (~> 1.4.0)
      rack-cache (~> 1.2)
      rack-test (~> 0.6.1)
      sprockets (~> 2.2.1)
    activemodel (3.2.9)
      activesupport (= 3.2.9)
      builder (~> 3.0.0)
    activesupport (3.2.9)
      i18n (~> 0.6)
      multi_json (~> 1.0)
    addressable (2.3.2)
    bcrypt-ruby (3.0.1)
    builder (3.0.4)
    capybara (1.1.4)
      mime-types (>= 1.16)
      nokogiri (>= 1.3.3)
      rack (>= 1.0.0)
      rack-test (>= 0.5.4)
      selenium-webdriver (~> 2.0)
      xpath (~> 0.1.4)
    capybara-screenshot (0.3.1)
      capybara (>= 1.0, < 3)
    childprocess (0.3.6)
      ffi (~> 1.0, >= 1.0.6)
    diff-lcs (1.1.3)
    erubis (2.7.0)
    facets (2.9.3)
    ffi (1.2.0)
    hike (1.2.1)
    i18n (0.6.1)
    journey (1.0.4)
    json (1.7.5)
    libwebsocket (0.1.7.1)
      addressable
      websocket
    magic_encoding (0.0.2)
    mime-types (1.19)
    multi_json (1.5.0)
    nokogiri (1.5.6)
    orm_adapter (0.4.0)
    postgres-pr (0.6.3)
    rack (1.4.1)
    rack-cache (1.2)
      rack (>= 0.4)
    rack-ssl (1.3.2)
      rack
    rack-test (0.6.2)
      rack (>= 1.0)
    railties (3.2.9)
      actionpack (= 3.2.9)
      activesupport (= 3.2.9)
      rack-ssl (~> 1.3.2)
      rake (>= 0.8.7)
      rdoc (~> 3.4)
      thor (>= 0.14.6, < 2.0)
    rake (10.0.3)
    rdoc (3.12)
      json (~> 1.4)
    rspec (2.10.0)
      rspec-core (~> 2.10.0)
      rspec-expectations (~> 2.10.0)
      rspec-mocks (~> 2.10.0)
    rspec-core (2.10.1)
    rspec-expectations (2.10.0)
      diff-lcs (~> 1.1.3)
    rspec-mocks (2.10.1)
    rubyzip (0.9.9)
    selenium-webdriver (2.27.2)
      childprocess (>= 0.2.5)
      libwebsocket (~> 0.1.3)
      multi_json (~> 1.0)
      rubyzip
    sprockets (2.2.2)
      hike (~> 1.2)
      multi_json (~> 1.0)
      rack (~> 1.0)
      tilt (~> 1.1, != 1.3.0)
    thor (0.16.0)
    tilt (1.3.3)
    warden (1.2.1)
      rack (>= 1.0)
    webdriver-user-agent (0.2.0)
      facets
      json
      selenium-webdriver
    websocket (1.0.5)
    xpath (0.1.4)
      nokogiri (~> 1.3)
    yajl-ruby (1.1.0)

PLATFORMS
  ruby

DEPENDENCIES
  capybara (< 2.0)
  capybara-screenshot
  devise!
  magic_encoding
  postgres-pr
  rspec (= 2.10.0)
  selenium-webdriver
  webdriver-user-agent
  yajl-ruby (= 1.1.0)
